PATH
  remote: .
  specs:
    polytexnic (1.7.1)
      json (~> 2.3.0)
      kramdown (>= 2.0, < 3.0)
      msgpack (~> 1.2.0)
      nokogiri (>= 1.6.0, < 2.0)
      pygments.rb (~> 2.1)

GEM
  remote: https://rubygems.org/
  specs:
    coderay (1.1.3)
    coveralls (0.7.2)
      multi_json (~> 1.3)
      rest-client (= 1.6.7)
      simplecov (>= 0.7)
      term-ansicolor (= 1.2.2)
      thor (= 0.18.1)
    diff-lcs (1.5.0)
    docile (1.1.5)
    ffi (1.15.5)
    formatador (1.1.0)
    growl (1.0.3)
    guard (2.18.0)
      formatador (>= 0.2.4)
      listen (>= 2.7, < 4.0)
      lumberjack (>= 1.0.12, < 2.0)
      nenv (~> 0.1)
      notiffany (~> 0.0)
      pry (>= 0.13.0)
      shellany (~> 0.0)
      thor (>= 0.18.1)
    guard-compat (1.2.1)
    guard-rspec (4.7.3)
      guard (~> 2.1)
      guard-compat (~> 1.1)
      rspec (>= 2.99.0, < 4.0)
    json (2.3.1)
    kramdown (2.3.1)
      rexml
    listen (3.7.1)
      rb-fsevent (~> 0.10, >= 0.10.3)
      rb-inotify (~> 0.9, >= 0.9.10)
    lumberjack (1.2.8)
    method_source (1.0.0)
    mime-types (3.4.1)
      mime-types-data (~> 3.2015)
    mime-types-data (3.2022.0105)
    msgpack (1.2.10)
    multi_json (1.15.0)
    nenv (0.3.0)
    nokogiri (1.13.3-x86_64-darwin)
      racc (~> 1.4)
    notiffany (0.1.3)
      nenv (~> 0.1)
      shellany (~> 0.0)
    pry (0.14.1)
      coderay (~> 1.1)
      method_source (~> 1.0)
    pygments.rb (2.3.0)
    racc (1.6.0)
    rake (13.0.6)
    rb-fsevent (0.11.1)
    rb-inotify (0.10.1)
      ffi (~> 1.0)
    rest-client (1.6.7)
      mime-types (>= 1.16)
    rexml (3.2.5)
    rspec (2.99.0)
      rspec-core (~> 2.99.0)
      rspec-expectations (~> 2.99.0)
      rspec-mocks (~> 2.99.0)
    rspec-core (2.99.2)
    rspec-expectations (2.99.2)
      diff-lcs (>= 1.1.3, < 2.0)
    rspec-mocks (2.99.4)
    shellany (0.0.1)
    simplecov (0.15.1)
      docile (~> 1.1.0)
      json (>= 1.8, < 3)
      simplecov-html (~> 0.10.0)
    simplecov-html (0.10.2)
    term-ansicolor (1.2.2)
      tins (~> 0.8)
    thor (0.18.1)
    tins (0.13.2)

PLATFORMS
  x86_64-darwin-19

DEPENDENCIES
  coveralls
  growl
  guard-rspec
  polytexnic!
  rake
  rspec (~> 2.14)
  simplecov (~> 0.15.1)

BUNDLED WITH
   2.3.8
